GEM
  remote: http://rubygems.org/
  remote: http://gems.github.com/
  specs:
    SystemTimer (1.2)
    actionmailer (2.3.4)
      actionpack (= 2.3.4)
    actionpack (2.3.4)
      activesupport (= 2.3.4)
      rack (~> 1.0.0)
    activerecord (2.3.4)
      activesupport (= 2.3.4)
    activeresource (2.3.4)
      activesupport (= 2.3.4)
    activesupport (2.3.4)
    authlogic (2.1.6)
      activesupport
    aws-s3 (0.6.2)
      builder
      mime-types
      xml-simple
    bcrypt-ruby (2.1.4)
    builder (3.0.0)
    calais (0.0.11)
      curb (>= 0.1.4)
      json (>= 1.1.3)
      nokogiri (>= 1.3.3)
    calendar_date_select (1.16.1)
    capistrano (2.5.19)
      highline
      net-scp (>= 1.0.0)
      net-sftp (>= 2.0.0)
      net-ssh (>= 2.0.14)
      net-ssh-gateway (>= 1.0.0)
    capistrano-ext (1.2.1)
      capistrano (>= 1.0.0)
    chriseppstein-compass (0.8.17)
      haml (>= 2.2.0)
    columnize (0.3.2)
    cucumber (0.10.0)
      builder (>= 2.1.2)
      diff-lcs (~> 1.1.2)
      gherkin (~> 2.3.2)
      json (~> 1.4.6)
      term-ansicolor (~> 1.0.5)
    cucumber-rails (0.3.2)
      cucumber (>= 0.8.0)
    curb (0.7.9)
    dancroak-webster (0.4.9)
    database_cleaner (0.6.0)
    diff-lcs (1.1.2)
    email_spec (0.6.4)
    escape (0.0.4)
    fastercsv (1.5.3)
    geokit (1.5.0)
    gherkin (2.3.3)
      json (~> 1.4.6)
    haml (2.2.3)
    highline (1.6.1)
    hoptoad_notifier (2.3.4)
      activesupport
    hpricot (0.8.3)
    json (1.4.6)
    libxml-ruby (1.1.4)
    linecache (0.43)
    mime-types (1.16)
    mislav-will_paginate (2.3.11)
    mysql (2.8.1)
    net-scp (1.0.4)
      net-ssh (>= 1.99.1)
    net-sftp (2.0.5)
      net-ssh (>= 2.0.9)
    net-ssh (2.0.23)
    net-ssh-gateway (1.0.1)
      net-ssh (>= 1.99.1)
    noaa (0.2.4)
      geokit (>= 1.5.0)
      nokogiri (>= 0.9.7)
    nokogiri (1.4.4)
    rack (1.0.1)
    rack-test (0.5.7)
      rack (>= 1.0)
    rails (2.3.4)
      actionmailer (= 2.3.4)
      actionpack (= 2.3.4)
      activerecord (= 2.3.4)
      activeresource (= 2.3.4)
      activesupport (= 2.3.4)
      rake (>= 0.8.3)
    rake (0.8.7)
    rcov (0.9.9)
    redis (2.1.1)
    redis-namespace (0.8.0)
      redis (< 3.0.0)
    remarkable (3.1.13)
      rspec (>= 1.2.0)
    remarkable_activerecord (3.1.13)
      remarkable (~> 3.1.13)
      rspec (>= 1.2.0)
    remarkable_rails (3.1.13)
      remarkable (~> 3.1.13)
      remarkable_activerecord (~> 3.1.13)
      rspec (>= 1.2.0)
      rspec-rails (>= 1.2.0)
    resque (1.10.0)
      json (~> 1.4.6)
      redis-namespace (~> 0.8.0)
      sinatra (>= 0.9.2)
      vegas (~> 0.1.2)
    resque_spec (0.2.1)
      resque (>= 1.6.0)
      resque (>= 1.6.0)
      resque_spec
      rspec (~> 1.3.0)
      rspec (~> 1.3.0)
    rsolr (0.12.1)
      builder (>= 2.1.2)
    rspec (1.3.1)
    rspec-rails (1.3.3)
      rack (>= 1.0.0)
      rspec (= 1.3.1)
    ruby-debug (0.10.4)
      columnize (>= 0.1)
      ruby-debug-base (~> 0.10.4.0)
    ruby-debug-base (0.10.4)
      linecache (>= 0.3)
    schoefmax-multi_db (0.2.1)
      activerecord (>= 2.1.0)
      schoefmax-tlattr_accessors (>= 0.0.3)
    schoefmax-tlattr_accessors (0.0.3)
    sinatra (0.9.2)
      rack (>= 0.9.1)
    sunspot (1.1.0)
      escape (= 0.0.4)
      rsolr (= 0.12.1)
    sunspot_rails (1.1.0)
      sunspot (= 1.1.0)
    term-ansicolor (1.0.5)
    vegas (0.1.8)
      rack (>= 1.0.0)
    webrat (0.7.3)
      nokogiri (>= 1.2.0)
      rack (>= 1.0)
      rack-test (>= 0.5.3)
    xml-simple (1.0.12)
    yajl-ruby (0.7.8)

PLATFORMS
  ruby

DEPENDENCIES
  SystemTimer (= 1.2)
  authlogic (>= 2.1.5)
  aws-s3 (= 0.6.2)
  bcrypt-ruby (>= 2.1.1)
  calais (>= 0.0.11)
  calendar_date_select (>= 1.16.1)
  capistrano
  capistrano-ext
  chriseppstein-compass (>= 0.8.9)
  cucumber (>= 0.10.0)
  cucumber-rails (>= 0.3.2)
  dancroak-webster
  database_cleaner (>= 0.5.0)
  email_spec (~> 0.6.0)
  fastercsv (= 1.5.3)
  haml (= 2.2.3)
  hoptoad_notifier (= 2.3.4)
  hpricot (>= 0.8.2)
  json (>= 1.4.3)
  libxml-ruby (= 1.1.4)
  mislav-will_paginate (~> 2.3.11)
  mysql
  noaa (= 0.2.4)
  nokogiri
  rails (= 2.3.4)
  rcov
  redis (= 2.1.1)
  redis-namespace
  remarkable_rails (>= 3.1.10)
  resque (= 1.10.0)
  resque_spec (~> 0.2.0)
  rspec
  rspec-rails
  ruby-debug
  schoefmax-multi_db
  sinatra (= 0.9.2)
  sunspot (= 1.1.0)
  sunspot_rails (= 1.1.0)
  webrat (>= 0.7.0)
  yajl-ruby (= 0.7.8)
