GIT
  remote: git://github.com/GSA/resque-priority.git
  revision: bc5dca990d6370ad7eaa01d0b986c90f541a4d18
  specs:
    resque-priority (0.1)

GIT
  remote: git://github.com/GSA/sunspot.git
  revision: b0af7f90c727ff71804e7608c27882f12670e517
  ref: b0af7f90c727ff71804e7608c27882f12670e517
  specs:
    sunspot (2.0.0.pre.111215)
      escape (~> 0.0.4)
      pr_geohash (~> 1.0)
      resque (~> 1.21)
      rsolr (~> 1.0.6)
    sunspot_rails (2.0.0.pre.111215)
      nokogiri
      sunspot (= 2.0.0.pre.111215)
    sunspot_solr (2.0.0.pre.111215)
      escape (~> 0.0.4)

GIT
  remote: git://github.com/jeremydurham/us-state-select-plugin.git
  revision: aa69cc1f23eea7cadd5acdcda74a0333d41852c1
  specs:
    us_states_select (1.2.0)
      rails (>= 1.2)

GIT
  remote: git://github.com/paneq/calendar_date_select.git
  revision: 977048211b94599fe0f08eb37a481f3d69df48f6
  specs:
    calendar_date_select (1.16.2)

GIT
  remote: git://github.com/patmaddox/no-peeping-toms.git
  revision: 7e4148731caf9a09d8f3c91a8e5303d369753643
  specs:
    no_peeping_toms (2.1.3)
      activerecord (>= 3.0.0)
      activesupport (>= 3.0.0)

GEM
  remote: http://rubygems.org/
  specs:
    actionmailer (3.2.15)
      actionpack (= 3.2.15)
      mail (~> 2.5.4)
    actionpack (3.2.15)
      activemodel (= 3.2.15)
      activesupport (= 3.2.15)
      builder (~> 3.0.0)
      erubis (~> 2.7.0)
      journey (~> 1.0.4)
      rack (~> 1.4.5)
      rack-cache (~> 1.2)
      rack-test (~> 0.6.1)
      sprockets (~> 2.2.1)
    active_scaffold (3.3.1)
      rails (~> 3.2.0)
    active_scaffold_export (3.3.0)
      active_scaffold
      active_scaffold (>= 3.3.0.rc)
    activemodel (3.2.15)
      activesupport (= 3.2.15)
      builder (~> 3.0.0)
    activerecord (3.2.15)
      activemodel (= 3.2.15)
      activesupport (= 3.2.15)
      arel (~> 3.0.2)
      tzinfo (~> 0.3.29)
    activeresource (3.2.15)
      activemodel (= 3.2.15)
      activesupport (= 3.2.15)
    activesupport (3.2.15)
      i18n (~> 0.6, >= 0.6.4)
      multi_json (~> 1.0)
    addressable (2.3.5)
    airbrake (3.1.12)
      activesupport
      builder
      json
    american_date (1.1.0)
    arel (3.0.2)
    atomic (1.1.15)
    authlogic (3.3.0)
      activerecord (>= 3.2)
      activesupport (>= 3.2)
    aws-s3 (0.6.3)
      builder
      mime-types
      xml-simple
    backports (3.3.3)
    bartt-ssl_requirement (1.4.2)
    bcrypt-ruby (3.0.1)
    bourne (1.1.2)
      mocha (= 0.10.5)
    buftok (0.2.0)
    builder (3.0.4)
    capistrano (2.15.4)
      highline
      net-scp (>= 1.0.0)
      net-sftp (>= 2.0.0)
      net-ssh (>= 2.0.14)
      net-ssh-gateway (>= 1.1.0)
    capybara (2.2.0)
      mime-types (>= 1.16)
      nokogiri (>= 1.3.3)
      rack (>= 1.0.0)
      rack-test (>= 0.5.4)
      xpath (~> 2.0)
    chunky_png (1.2.8)
    cliver (0.3.2)
    cloudfiles (1.4.17)
      mime-types (>= 1.16)
    cocaine (0.3.2)
    codeclimate-test-reporter (0.2.0)
      simplecov (>= 0.7.1, < 1.0.0)
    coffee-rails (3.2.2)
      coffee-script (>= 2.2.0)
      railties (~> 3.2.0)
    coffee-script (2.2.0)
      coffee-script-source
      execjs
    coffee-script-source (1.6.3)
    commonjs (0.2.7)
    compass (0.12.2)
      chunky_png (~> 1.2)
      fssm (>= 0.2.7)
      sass (~> 3.1)
    compass-rails (1.0.3)
      compass (>= 0.12.2, < 0.14)
    cookiejar (0.3.1)
    cucumber (1.3.9)
      builder (>= 2.1.2)
      diff-lcs (>= 1.1.3)
      gherkin (~> 2.12)
      multi_json (>= 1.7.5, < 2.0)
      multi_test (>= 0.0.2)
    cucumber-rails (1.4.0)
      capybara (>= 1.1.2)
      cucumber (>= 1.2.0)
      nokogiri (>= 1.5.0)
      rails (>= 3.0.0)
    daemons (1.1.9)
    database_cleaner (1.0.1)
    descendants_tracker (0.0.3)
    diff-lcs (1.2.5)
    docile (1.1.1)
    dynamic_form (1.1.4)
    elasticsearch (1.0.1)
      elasticsearch-api (= 1.0.1)
      elasticsearch-transport (= 1.0.1)
    elasticsearch-api (1.0.1)
      multi_json
    elasticsearch-transport (1.0.1)
      faraday
      multi_json
    em-http-request (1.1.2)
      addressable (>= 2.3.4)
      cookiejar
      em-socksify (>= 0.3)
      eventmachine (>= 1.0.3)
      http_parser.rb (>= 0.6.0)
    em-socksify (0.3.0)
      eventmachine (>= 1.0.0.beta.4)
    em-twitter (0.3.3)
      buftok (~> 0.2)
      eventmachine (~> 1.0)
      http_parser.rb (~> 0.6)
      simple_oauth (~> 0.2)
    email_spec (1.4.0)
      launchy (~> 2.1)
      mail (~> 2.2)
    equalizer (0.0.9)
    erubis (2.7.0)
    escape (0.0.4)
    eventmachine (1.0.3)
    execjs (2.0.2)
    faraday (0.8.9)
      multipart-post (~> 1.2.0)
    faraday_middleware (0.9.0)
      faraday (>= 0.7.4, < 0.9)
    fattr (2.2.1)
    flickraw (0.9.6)
    font-awesome-rails (3.2.1.3)
      railties (>= 3.2, < 5.0)
    fssm (0.2.10)
    geoip (1.2.1)
    gherkin (2.12.2)
      multi_json (~> 1.3)
    google_visualr (2.1.7)
    googlecharts (1.6.8)
    haml (4.0.3)
      tilt
    hashie (2.0.5)
    highline (1.6.19)
    hike (1.2.3)
    html_truncator (0.3.1)
      nokogiri (~> 1.5)
    htmlentities (4.3.1)
    http (0.5.0)
      http_parser.rb
    http_parser.rb (0.6.0)
    i18n (0.6.9)
    jbuilder (1.0.2)
      activesupport (>= 3.0.0)
    journey (1.0.4)
    jquery-rails (3.0.4)
      railties (>= 3.0, < 5.0)
      thor (>= 0.14, < 2.0)
    jquery-ui-rails (4.1.0)
      railties (>= 3.1.0)
    json (1.8.1)
    keen (0.8.0)
      addressable (~> 2.3.5)
      multi_json (~> 1.0)
    launchy (2.3.0)
      addressable (~> 2.3)
    less (2.4.0)
      commonjs (~> 0.2.7)
    less-rails (2.4.2)
      actionpack (>= 3.1)
      less (~> 2.4.0)
    less-rails-bootstrap (3.0.6)
      less-rails (~> 2.4.2)
    libv8 (3.11.8.17)
    mail (2.5.4)
      mime-types (~> 1.16)
      treetop (~> 1.4.8)
    memoizable (0.4.1)
      thread_safe (~> 0.2.0)
    metaclass (0.0.1)
    mime-types (1.25.1)
    mini_portile (0.5.2)
    mobile-fu (1.2.1)
      rack-mobile-detect
      rails
    mocha (0.10.5)
      metaclass (~> 0.0.1)
    mono_logger (1.1.0)
    multi_db (0.3.1)
      activerecord (>= 2.1.0)
      tlattr_accessors (>= 0.0.3)
    multi_json (1.9.0)
    multi_test (0.0.2)
    multipart-post (1.2.0)
    mysql2 (0.3.11)
    net-http-persistent (2.8)
    net-scp (1.1.1)
      net-ssh (>= 2.6.5)
    net-sftp (2.1.2)
      net-ssh (>= 2.6.5)
    net-ssh (2.6.7)
    net-ssh-gateway (1.2.0)
      net-ssh (>= 2.6.5)
    newrelic_rpm (3.6.5.130)
    nokogiri (1.6.1)
      mini_portile (~> 0.5.0)
    oj (2.1.3)
    options (2.3.0)
      fattr
    paperclip-cloudfiles (2.3.10.1)
      activerecord
      activesupport
    poltergeist (1.5.0)
      capybara (~> 2.1)
      cliver (~> 0.3.1)
      multi_json (~> 1.0)
      websocket-driver (>= 0.2.0)
    polyglot (0.3.3)
    pr_geohash (1.0.0)
    progress_bar (1.0.0)
      highline (~> 1.6.1)
      options (~> 2.3.0)
    rack (1.4.5)
    rack-cache (1.2)
      rack (>= 0.4)
    rack-mobile-detect (0.4.0)
      rack
    rack-protection (1.5.0)
      rack
    rack-ssl (1.3.3)
      rack
    rack-test (0.6.2)
      rack (>= 1.0)
    rails (3.2.15)
      actionmailer (= 3.2.15)
      actionpack (= 3.2.15)
      activerecord (= 3.2.15)
      activeresource (= 3.2.15)
      activesupport (= 3.2.15)
      bundler (~> 1.0)
      railties (= 3.2.15)
    railties (3.2.15)
      actionpack (= 3.2.15)
      activesupport (= 3.2.15)
      rack-ssl (~> 1.3.2)
      rake (>= 0.8.7)
      rdoc (~> 3.4)
      thor (>= 0.14.6, < 2.0)
    rake (10.1.0)
    rash (0.4.0)
      hashie (~> 2.0.0)
    rdoc (3.12.2)
      json (~> 1.4)
    recaptcha (0.3.6)
    redis (3.0.4)
    redis-namespace (1.3.0)
      redis (~> 3.0.0)
    ref (1.0.5)
    remarkable (3.1.13)
      rspec (>= 1.2.0)
    remarkable_activerecord (3.1.13)
      remarkable (~> 3.1.13)
      rspec (>= 1.2.0)
    resque (1.24.1)
      mono_logger (~> 1.0)
      multi_json (~> 1.0)
      redis-namespace (~> 1.2)
      sinatra (>= 0.9.2)
      vegas (~> 0.1.2)
    resque_spec (0.13.0)
      resque (>= 1.19.0)
      rspec (>= 2.5.0)
    rsolr (1.0.9)
      builder (>= 2.1.2)
    rspec (2.13.0)
      rspec-core (~> 2.13.0)
      rspec-expectations (~> 2.13.0)
      rspec-mocks (~> 2.13.0)
    rspec-core (2.13.1)
    rspec-expectations (2.13.0)
      diff-lcs (>= 1.1.3, < 2.0)
    rspec-mocks (2.13.1)
    rspec-rails (2.13.2)
      actionpack (>= 3.0)
      activesupport (>= 3.0)
      railties (>= 3.0)
      rspec-core (~> 2.13.0)
      rspec-expectations (~> 2.13.0)
      rspec-mocks (~> 2.13.0)
    sanitize (2.1.0)
      nokogiri (>= 1.4.4)
    sass (3.2.9)
    sass-rails (3.2.6)
      railties (~> 3.2.0)
      sass (>= 3.1.10)
      tilt (~> 1.3)
    select2-rails (3.4.3)
      sass-rails
      thor (~> 0.14)
    shoulda-matchers (1.4.2)
      activesupport (>= 3.0.0)
      bourne (~> 1.1.2)
    simple_oauth (0.2.0)
    simplecov (0.8.2)
      docile (~> 1.1.0)
      multi_json
      simplecov-html (~> 0.8.0)
    simplecov-html (0.8.0)
    sinatra (1.4.3)
      rack (~> 1.4)
      rack-protection (~> 1.4)
      tilt (~> 1.3, >= 1.3.4)
    sprockets (2.2.2)
      hike (~> 1.2)
      multi_json (~> 1.0)
      rack (~> 1.0)
      tilt (~> 1.1, != 1.3.0)
    strong_parameters (0.2.1)
      actionpack (~> 3.0)
      activemodel (~> 3.0)
      railties (~> 3.0)
    therubyracer (0.11.4)
      libv8 (~> 3.11.8.12)
      ref
    thin (1.5.1)
      daemons (>= 1.0.9)
      eventmachine (>= 0.12.6)
      rack (>= 1.0.0)
    thor (0.18.1)
    thread_safe (0.2.0)
      atomic (>= 1.1.7, < 2)
    tilt (1.4.1)
    tlattr_accessors (0.0.3)
    treetop (1.4.15)
      polyglot
      polyglot (>= 0.3.1)
    truncator (0.1.5)
      activesupport
    turbolinks (1.3.0)
      coffee-rails
    tweetstream (2.6.1)
      daemons (~> 1.1)
      em-http-request (>= 1.1.1)
      em-twitter (~> 0.3)
      multi_json (~> 1.3)
      twitter (~> 5.5)
    twitter (5.5.1)
      addressable (~> 2.3)
      buftok (~> 0.2.0)
      descendants_tracker (~> 0.0.3)
      equalizer (~> 0.0.9)
      faraday (>= 0.8, < 0.10)
      http (~> 0.5.0)
      http_parser.rb (~> 0.6.0)
      json (~> 1.8)
      memoizable (~> 0.4.0)
      simple_oauth (~> 0.2.0)
    twitter-typeahead-rails (0.9.3)
      actionpack (>= 3.1)
      jquery-rails
      railties (>= 3.1)
    tzinfo (0.3.38)
    uglifier (2.3.1)
      execjs (>= 0.3.0)
      json (>= 1.8.0)
    us_states (0.1.1)
    validate_url (0.2.0)
      activemodel (>= 3.0.0)
    vegas (0.1.11)
      rack (>= 1.0.0)
    virtus (0.5.5)
      backports (~> 3.3)
      descendants_tracker (~> 0.0.1)
    webrat (0.7.3)
      nokogiri (>= 1.2.0)
      rack (>= 1.0)
      rack-test (>= 0.5.3)
    websocket-driver (0.3.1)
    webster (0.5.0)
    will_paginate (3.0.4)
    will_paginate-bootstrap (0.2.4)
      will_paginate (>= 3.0.3)
    xml-simple (1.1.2)
    xpath (2.0.0)
      nokogiri (~> 1.3)
    yajl-ruby (1.2.0)
    yui-compressor (0.12.0)

PLATFORMS
  ruby

DEPENDENCIES
  active_scaffold
  active_scaffold_export
  addressable
  airbrake
  american_date
  authlogic
  aws-s3
  bartt-ssl_requirement
  bcrypt-ruby
  calendar_date_select!
  capistrano
  capybara
  cloudfiles (= 1.4.17)
  cocaine (~> 0.3.2)
  codeclimate-test-reporter
  coffee-rails (~> 3.2.1)
  compass-rails
  cucumber
  cucumber-rails
  database_cleaner
  dynamic_form
  elasticsearch
  em-http-request (~> 1.0)
  email_spec
  faraday_middleware
  flickraw
  font-awesome-rails (~> 3.2.1.3)
  geoip
  google_visualr
  googlecharts
  haml
  html_truncator
  htmlentities
  jbuilder
  jquery-rails
  jquery-ui-rails
  json
  keen
  launchy
  less-rails-bootstrap
  mobile-fu
  multi_db
  mysql2 (> 0.3)
  net-http-persistent
  newrelic_rpm
  no_peeping_toms!
  nokogiri
  oj
  paperclip-cloudfiles
  poltergeist
  progress_bar
  rails (= 3.2.15)
  rake
  rash
  recaptcha
  redis
  redis-namespace
  remarkable_activerecord
  resque
  resque-priority!
  resque_spec
  rspec
  rspec-core
  rspec-rails
  sanitize
  sass
  sass-rails (~> 3.2.3)
  select2-rails
  shoulda-matchers (~> 1.4.0)
  simplecov
  strong_parameters
  sunspot_rails!
  sunspot_solr!
  therubyracer
  thin
  truncator
  turbolinks
  tweetstream
  twitter
  twitter-typeahead-rails
  uglifier (>= 1.0.3)
  us_states
  us_states_select!
  validate_url
  virtus
  webrat
  webster
  will_paginate
  will_paginate-bootstrap
  yajl-ruby
  yui-compressor
