GIT
  remote: git://github.com/GSA-OCSIT/aws-s3.git
  revision: 96a4abc3f450672e2eb365faa9b9042e10b771eb
  specs:
    aws-s3 (0.6.2)
      builder
      mime-types
      xml-simple

GIT
  remote: git://github.com/GSA-OCSIT/capistrano.git
  revision: 7180aa2f6db8038f3f1e30ba47ef7c83f8a47267
  specs:
    capistrano (2.9.0)
      highline
      net-scp (>= 1.0.0)
      net-sftp (>= 2.0.0)
      net-ssh (>= 2.0.14)
      net-ssh-gateway (>= 1.1.0)

GIT
  remote: git://github.com/GSA-OCSIT/resque-priority.git
  revision: bc5dca990d6370ad7eaa01d0b986c90f541a4d18
  specs:
    resque-priority (0.1)

GIT
  remote: git://github.com/GSA-OCSIT/sunspot.git
  revision: b0af7f90c727ff71804e7608c27882f12670e517
  ref: b0af7f90c727ff71804e7608c27882f12670e517
  specs:
    sunspot (2.0.0.pre.111215)
      escape (~> 0.0.4)
      pr_geohash (~> 1.0)
      resque (~> 1.21)
      rsolr (~> 1.0.6)
    sunspot_rails (2.0.0.pre.111215)
      nokogiri
      sunspot (= 2.0.0.pre.111215)
    sunspot_solr (2.0.0.pre.111215)
      escape (~> 0.0.4)

GIT
  remote: git://github.com/jeremydurham/us-state-select-plugin.git
  revision: aa69cc1f23eea7cadd5acdcda74a0333d41852c1
  specs:
    us_states_select (1.2.0)
      rails (>= 1.2)

GIT
  remote: git://github.com/paneq/calendar_date_select.git
  revision: 977048211b94599fe0f08eb37a481f3d69df48f6
  specs:
    calendar_date_select (1.16.2)

GIT
  remote: git://github.com/patmaddox/no-peeping-toms.git
  revision: 7e4148731caf9a09d8f3c91a8e5303d369753643
  specs:
    no_peeping_toms (2.1.3)
      activerecord (>= 3.0.0)
      activesupport (>= 3.0.0)

GIT
  remote: git://github.com/scambra/recordselect.git
  revision: 686ea86e50b2569a900c66e32ca40a3b2975c8ff
  specs:
    recordselect (3.2.4)
      rails (>= 3.1.3)

GIT
  remote: git://github.com/vhochstein/render_component.git
  revision: aeec3873019b0f7e8512f7720388666ff42d162f
  specs:
    render_component_vho (3.2.1)
      railties (>= 3.1.0)

GEM
  remote: http://rubygems.org/
  specs:
    actionmailer (3.2.8)
      actionpack (= 3.2.8)
      mail (~> 2.4.4)
    actionpack (3.2.8)
      activemodel (= 3.2.8)
      activesupport (= 3.2.8)
      builder (~> 3.0.0)
      erubis (~> 2.7.0)
      journey (~> 1.0.4)
      rack (~> 1.4.0)
      rack-cache (~> 1.2)
      rack-test (~> 0.6.1)
      sprockets (~> 2.1.3)
    active_scaffold (3.2.17)
      rails (>= 3.1.3)
    active_scaffold_export (3.2.2)
      active_scaffold
      active_scaffold (>= 3.1)
    activemodel (3.2.8)
      activesupport (= 3.2.8)
      builder (~> 3.0.0)
    activerecord (3.2.8)
      activemodel (= 3.2.8)
      activesupport (= 3.2.8)
      arel (~> 3.0.2)
      tzinfo (~> 0.3.29)
    activeresource (3.2.8)
      activemodel (= 3.2.8)
      activesupport (= 3.2.8)
    activesupport (3.2.8)
      i18n (~> 0.6)
      multi_json (~> 1.0)
    addressable (2.3.2)
    airbrake (3.1.6)
      builder
      girl_friday
    american_date (1.0.0)
    arel (3.0.2)
    authlogic (3.2.0)
      activerecord (>= 3.0.0)
      activesupport (>= 3.0.0)
    bartt-ssl_requirement (1.4.2)
    bcrypt-ruby (3.0.1)
    bourne (1.1.2)
      mocha (= 0.10.5)
    builder (3.0.4)
    capistrano-ext (1.2.1)
      capistrano (>= 1.0.0)
    capybara (1.1.4)
      mime-types (>= 1.16)
      nokogiri (>= 1.3.3)
      rack (>= 1.0.0)
      rack-test (>= 0.5.4)
      selenium-webdriver (~> 2.0)
      xpath (~> 0.1.4)
    childprocess (0.3.6)
      ffi (~> 1.0, >= 1.0.6)
    chunky_png (1.2.6)
    cloudfiles (1.4.17)
      mime-types (>= 1.16)
    cmdparse (2.0.5)
    cocaine (0.3.2)
    coffee-rails (3.2.2)
      coffee-script (>= 2.2.0)
      railties (~> 3.2.0)
    coffee-script (2.2.0)
      coffee-script-source
      execjs
    coffee-script-source (1.4.0)
    compass (0.12.2)
      chunky_png (~> 1.2)
      fssm (>= 0.2.7)
      sass (~> 3.1)
    compass-rails (1.0.3)
      compass (>= 0.12.2, < 0.14)
    connection_pool (0.9.2)
    cookiejar (0.3.0)
    cucumber (1.2.1)
      builder (>= 2.1.2)
      diff-lcs (>= 1.1.3)
      gherkin (~> 2.11.0)
      json (>= 1.4.6)
    cucumber-rails (1.3.0)
      capybara (>= 1.1.2)
      cucumber (>= 1.1.8)
      nokogiri (>= 1.5.0)
    daemons (1.1.9)
    database_cleaner (0.9.1)
    diff-lcs (1.1.3)
    domain_name (0.5.6)
      unf (~> 0.0.3)
    dynamic_form (1.1.4)
    em-http-request (1.0.3)
      addressable (>= 2.2.3)
      cookiejar
      em-socksify
      eventmachine (>= 1.0.0.beta.4)
      http_parser.rb (>= 0.5.3)
    em-socksify (0.2.1)
      eventmachine (>= 1.0.0.beta.4)
    em-twitter (0.2.1)
      eventmachine (~> 1.0)
      http_parser.rb (~> 0.5)
      simple_oauth (~> 0.1)
    email_spec (1.4.0)
      launchy (~> 2.1)
      mail (~> 2.2)
    erubis (2.7.0)
    escape (0.0.4)
    eventmachine (1.0.0)
    execjs (1.4.0)
      multi_json (~> 1.0)
    faraday (0.8.4)
      multipart-post (~> 1.1)
    faraday_middleware (0.9.0)
      faraday (>= 0.7.4, < 0.9)
    fattr (2.2.1)
    ffi (1.2.0)
    flickraw (0.9.6)
    fssm (0.2.9)
    gherkin (2.11.5)
      json (>= 1.4.6)
    girl_friday (0.11.1)
      connection_pool (~> 0.9.0)
      rubinius-actor
    google_visualr (2.1.5)
    googlecharts (1.6.8)
    haml (3.1.7)
    hashie (1.2.0)
    high_voltage (1.2.1)
    highline (1.6.15)
    hike (1.2.1)
    http_parser.rb (0.5.3)
    i18n (0.6.1)
    journey (1.0.4)
    jquery-rails (2.1.4)
      railties (>= 3.0, < 5.0)
      thor (>= 0.14, < 2.0)
    json (1.7.5)
    launchy (2.1.2)
      addressable (~> 2.3)
    libv8 (3.3.10.4)
    libwebsocket (0.1.7.1)
      addressable
      websocket
    mail (2.4.4)
      i18n (>= 0.4.0)
      mime-types (~> 1.16)
      treetop (~> 1.4.8)
    mechanize (2.5.1)
      domain_name (~> 0.5, >= 0.5.1)
      mime-types (~> 1.17, >= 1.17.2)
      net-http-digest_auth (~> 1.1, >= 1.1.1)
      net-http-persistent (~> 2.5, >= 2.5.2)
      nokogiri (~> 1.4)
      ntlm-http (~> 0.1, >= 0.1.1)
      webrobots (~> 0.0, >= 0.0.9)
    metaclass (0.0.1)
    mime-types (1.19)
    mobile-fu (1.1.1)
      rack-mobile-detect
      rails
    mocha (0.10.5)
      metaclass (~> 0.0.1)
    multi_db (0.3.1)
      activerecord (>= 2.1.0)
      tlattr_accessors (>= 0.0.3)
    multi_json (1.5.0)
    multipart-post (1.1.5)
    mysql2 (0.3.11)
    net-http-digest_auth (1.2.1)
    net-http-persistent (2.8)
    net-scp (1.0.4)
      net-ssh (>= 1.99.1)
    net-sftp (2.0.5)
      net-ssh (>= 2.0.9)
    net-ssh (2.6.2)
    net-ssh-gateway (1.1.0)
      net-ssh (>= 1.99.1)
    newrelic_rpm (3.5.3.25)
    nokogiri (1.5.5)
    ntlm-http (0.1.1)
    oj (2.0.0)
    options (2.3.0)
      fattr
    paperclip-cloudfiles (2.3.10.1)
      activerecord
      activesupport
    parallel (0.5.21)
    polyglot (0.3.3)
    pr_geohash (1.0.0)
    progress_bar (0.4.0)
      highline (~> 1.6.1)
      options (~> 2.3.0)
    rack (1.4.1)
    rack-cache (1.2)
      rack (>= 0.4)
    rack-mobile-detect (0.4.0)
      rack
    rack-protection (1.3.2)
      rack
    rack-ssl (1.3.2)
      rack
    rack-test (0.6.2)
      rack (>= 1.0)
    rails (3.2.8)
      actionmailer (= 3.2.8)
      actionpack (= 3.2.8)
      activerecord (= 3.2.8)
      activeresource (= 3.2.8)
      activesupport (= 3.2.8)
      bundler (~> 1.0)
      railties (= 3.2.8)
    railties (3.2.8)
      actionpack (= 3.2.8)
      activesupport (= 3.2.8)
      rack-ssl (~> 1.3.2)
      rake (>= 0.8.7)
      rdoc (~> 3.4)
      thor (>= 0.14.6, < 2.0)
    rake (10.0.3)
    rash (0.3.2)
      hashie (~> 1.2.0)
    rdoc (3.12)
      json (~> 1.4)
    recaptcha (0.3.4)
    redis (3.0.2)
    redis-namespace (1.2.1)
      redis (~> 3.0.0)
    remarkable (3.1.13)
      rspec (>= 1.2.0)
    remarkable_activerecord (3.1.13)
      remarkable (~> 3.1.13)
      rspec (>= 1.2.0)
    resque (1.23.0)
      multi_json (~> 1.0)
      redis-namespace (~> 1.0)
      sinatra (>= 0.9.2)
      vegas (~> 0.1.2)
    resque_spec (0.12.7)
      resque (>= 1.19.0)
      rspec (>= 2.5.0)
    rest-client (1.6.7)
      mime-types (>= 1.16)
    rsolr (1.0.8)
      builder (>= 2.1.2)
    rspec (2.12.0)
      rspec-core (~> 2.12.0)
      rspec-expectations (~> 2.12.0)
      rspec-mocks (~> 2.12.0)
    rspec-core (2.12.2)
    rspec-expectations (2.12.0)
      diff-lcs (~> 1.1.3)
    rspec-mocks (2.12.0)
    rspec-rails (2.12.0)
      actionpack (>= 3.0)
      activesupport (>= 3.0)
      railties (>= 3.0)
      rspec-core (~> 2.12.0)
      rspec-expectations (~> 2.12.0)
      rspec-mocks (~> 2.12.0)
    rubinius-actor (0.0.2)
      rubinius-core-api
    rubinius-core-api (0.0.1)
    ruby-prof (0.11.2)
    rubyzip (0.9.9)
    sanitize (2.0.3)
      nokogiri (>= 1.4.4, < 1.6)
    sass (3.2.3)
    sass-rails (3.2.5)
      railties (~> 3.2.0)
      sass (>= 3.1.10)
      tilt (~> 1.3)
    sauce (2.2.1)
      capybara (~> 1.0)
      childprocess (>= 0.1.6)
      cmdparse (>= 2.0.2)
      highline (>= 1.5.0)
      json (>= 1.2.0)
      net-http-persistent
      net-ssh
      net-ssh-gateway
      rest-client
      selenium-webdriver (>= 0.1.2)
    selenium-webdriver (2.27.2)
      childprocess (>= 0.2.5)
      libwebsocket (~> 0.1.3)
      multi_json (~> 1.0)
      rubyzip
    shoulda-matchers (1.4.2)
      activesupport (>= 3.0.0)
      bourne (~> 1.1.2)
    simple_oauth (0.2.0)
    simplecov (0.6.4)
      multi_json (~> 1.0)
      simplecov-html (~> 0.5.3)
    simplecov-html (0.5.3)
    simplecov-rcov (0.2.3)
      simplecov (>= 0.4.1)
    sinatra (1.3.3)
      rack (~> 1.3, >= 1.3.6)
      rack-protection (~> 1.2)
      tilt (~> 1.3, >= 1.3.3)
    sprockets (2.1.3)
      hike (~> 1.2)
      rack (~> 1.0)
      tilt (~> 1.1, != 1.3.0)
    therubyracer (0.10.2)
      libv8 (~> 3.3.10)
    thin (1.5.0)
      daemons (>= 1.0.9)
      eventmachine (>= 0.12.6)
      rack (>= 1.0.0)
    thor (0.16.0)
    tilt (1.3.3)
    tlattr_accessors (0.0.3)
    treetop (1.4.12)
      polyglot
      polyglot (>= 0.3.1)
    tweetstream (2.3.0)
      daemons (~> 1.1)
      em-http-request (~> 1.0.2)
      em-twitter (~> 0.2)
      multi_json (~> 1.3)
      twitter (~> 4.0)
    twitter (4.4.1)
      faraday (~> 0.8)
      multi_json (~> 1.3)
      simple_oauth (~> 0.2)
    tzinfo (0.3.35)
    uglifier (1.3.0)
      execjs (>= 0.3.0)
      multi_json (~> 1.0, >= 1.0.2)
    unf (0.0.5)
      unf_ext
    unf_ext (0.0.5)
    vegas (0.1.11)
      rack (>= 1.0.0)
    webrat (0.7.3)
      nokogiri (>= 1.2.0)
      rack (>= 1.0)
      rack-test (>= 0.5.3)
    webrobots (0.0.13)
    websocket (1.0.4)
    webster (0.5.0)
    will_paginate (3.0.3)
    xml-simple (1.1.2)
    xpath (0.1.4)
      nokogiri (~> 1.3)
    yajl-ruby (1.1.0)

PLATFORMS
  ruby

DEPENDENCIES
  active_scaffold (~> 3.2.17)
  active_scaffold_export
  airbrake
  american_date
  authlogic
  aws-s3!
  bartt-ssl_requirement
  bcrypt-ruby
  calendar_date_select!
  capistrano!
  capistrano-ext
  capybara (~> 1.1)
  cloudfiles (= 1.4.17)
  cocaine (~> 0.3.2)
  coffee-rails (~> 3.2.1)
  compass
  compass-rails
  cucumber
  cucumber-rails
  database_cleaner
  dynamic_form
  email_spec
  execjs
  faraday_middleware
  flickraw
  google_visualr
  googlecharts
  haml
  high_voltage
  jquery-rails
  json
  launchy
  libv8 (~> 3.3.10)
  mechanize
  mobile-fu
  multi_db
  mysql2 (> 0.3)
  net-http-persistent
  newrelic_rpm
  no_peeping_toms!
  nokogiri
  oj
  paperclip-cloudfiles
  parallel
  progress_bar
  rails (= 3.2.8)
  rake
  rash
  recaptcha
  recordselect!
  redis
  redis-namespace
  remarkable_activerecord
  render_component_vho!
  resque
  resque-priority!
  resque_spec
  rspec
  rspec-core
  rspec-rails
  ruby-prof
  sanitize
  sass
  sass-rails (~> 3.2.3)
  sauce
  shoulda-matchers
  simplecov (~> 0.6.4)
  simplecov-rcov
  sunspot_rails!
  sunspot_solr!
  therubyracer (~> 0.10.0)
  thin
  tweetstream
  twitter
  uglifier (>= 1.0.3)
  us_states_select!
  webrat
  webster
  will_paginate
  yajl-ruby
