GIT
  remote: git://github.com/GSA-OCSIT/aws-s3.git
  revision: 96a4abc3f450672e2eb365faa9b9042e10b771eb
  specs:
    aws-s3 (0.6.2)
      builder
      mime-types
      xml-simple

GIT
  remote: git://github.com/GSA-OCSIT/capistrano.git
  revision: 7180aa2f6db8038f3f1e30ba47ef7c83f8a47267
  specs:
    capistrano (2.9.0)
      highline
      net-scp (>= 1.0.0)
      net-sftp (>= 2.0.0)
      net-ssh (>= 2.0.14)
      net-ssh-gateway (>= 1.1.0)

GIT
  remote: git://github.com/GSA-OCSIT/multi_db.git
  revision: d9ced6feacfc62cf62782e99c12a0638d88dc79e
  specs:
    multi_db (0.3.0)
      activerecord (>= 2.1.0)
      tlattr_accessors (>= 0.0.3)

GIT
  remote: git://github.com/GSA-OCSIT/sunspot.git
  revision: 8ac0d00dabb481b66d793c00f4d84c81ba516604
  ref: 8ac0d00dabb481b66d793c00f4d84c81ba516604
  specs:
    sunspot (2.0.0.pre.111215)
      escape (~> 0.0.4)
      pr_geohash (~> 1.0)
      resque (~> 1.19.0)
      rsolr (~> 1.0.6)
    sunspot_rails (2.0.0.pre.111215)
      nokogiri
      sunspot (= 2.0.0.pre.111215)
    sunspot_solr (2.0.0.pre.111215)
      escape (~> 0.0.4)

GIT
  remote: git://github.com/alindeman/no_peeping_toms.git
  revision: 83dbd4cb993ae8e78a38a0f5cad784ca58bb0dcd
  specs:
    no_peeping_toms (2.1.0)
      activerecord (>= 3.0.0)
      activesupport (>= 3.0.0)

GIT
  remote: git://github.com/paneq/calendar_date_select.git
  revision: 977048211b94599fe0f08eb37a481f3d69df48f6
  specs:
    calendar_date_select (1.16.2)

GEM
  remote: http://rubygems.org/
  specs:
    SystemTimer (1.2.3)
    abstract (1.0.0)
    actionmailer (3.0.10)
      actionpack (= 3.0.10)
      mail (~> 2.2.19)
    actionpack (3.0.10)
      activemodel (= 3.0.10)
      activesupport (= 3.0.10)
      builder (~> 2.1.2)
      erubis (~> 2.6.6)
      i18n (~> 0.5.0)
      rack (~> 1.2.1)
      rack-mount (~> 0.6.14)
      rack-test (~> 0.5.7)
      tzinfo (~> 0.3.23)
    activemodel (3.0.10)
      activesupport (= 3.0.10)
      builder (~> 2.1.2)
      i18n (~> 0.5.0)
    activerecord (3.0.10)
      activemodel (= 3.0.10)
      activesupport (= 3.0.10)
      arel (~> 2.0.10)
      tzinfo (~> 0.3.23)
    activeresource (3.0.10)
      activemodel (= 3.0.10)
      activesupport (= 3.0.10)
    activesupport (3.0.10)
    airbrake (3.0.5)
      activesupport
      builder
    arel (2.0.10)
    authlogic (3.0.3)
      activerecord (>= 3.0.7)
      activerecord (>= 3.0.7)
    backports (2.3.0)
    bcrypt-ruby (2.1.4)
    builder (2.1.2)
    capistrano-ext (1.2.1)
      capistrano (>= 1.0.0)
    capybara (1.0.0)
      mime-types (>= 1.16)
      nokogiri (>= 1.3.3)
      rack (>= 1.0.0)
      rack-test (>= 0.5.4)
      selenium-webdriver (~> 0.2.0)
      xpath (~> 0.1.4)
    childprocess (0.1.9)
      ffi (~> 1.0.6)
    chunky_png (1.2.0)
    cloudfiles (1.4.17)
      mime-types (>= 1.16)
    cmdparse (2.0.3)
    cocaine (0.1.0)
    compass (0.11.4)
      chunky_png (~> 1.2)
      fssm (>= 0.2.7)
      sass (~> 3.1)
    configuration (1.3.1)
    cucumber (1.0.0)
      builder (>= 2.1.2)
      diff-lcs (>= 1.1.2)
      gherkin (~> 2.4.1)
      json (>= 1.4.6)
      term-ansicolor (>= 1.0.5)
    cucumber-rails (1.0.2)
      capybara (>= 1.0.0)
      cucumber (~> 1.0.0)
      nokogiri (>= 1.4.6)
    database_cleaner (0.6.7)
    diff-lcs (1.1.2)
    email_spec (1.2.1)
      mail (~> 2.2)
      rspec (~> 2.0)
    erubis (2.6.6)
      abstract (>= 1.0.0)
    escape (0.0.4)
    fastercsv (1.5.4)
    fattr (2.2.0)
    ffi (1.0.9)
    fssm (0.2.7)
    gherkin (2.4.1)
      json (>= 1.4.6)
    googlecharts (1.6.7)
    haml (3.1.2)
    high_voltage (1.0.0)
    highline (1.6.2)
    hpricot (0.8.4)
    i18n (0.5.0)
    json (1.6.1)
    json_pure (1.5.3)
    launchy (0.4.0)
      configuration (>= 0.0.5)
      rake (>= 0.8.1)
    mail (2.2.19)
      activesupport (>= 2.3.6)
      i18n (>= 0.4.0)
      mime-types (~> 1.16)
      treetop (~> 1.4.8)
    mechanize (2.0.1)
      net-http-digest_auth (~> 1.1, >= 1.1.1)
      net-http-persistent (~> 1.8)
      nokogiri (~> 1.4)
      webrobots (~> 0.0, >= 0.0.9)
    mime-types (1.16)
    multi_json (1.0.4)
    mysql2 (0.2.11)
    net-http-digest_auth (1.1.1)
    net-http-persistent (1.8)
    net-scp (1.0.4)
      net-ssh (>= 1.99.1)
    net-sftp (2.0.5)
      net-ssh (>= 2.0.9)
    net-ssh (2.2.1)
    net-ssh-gateway (1.1.0)
      net-ssh (>= 1.99.1)
    nokogiri (1.5.0)
    options (2.3.0)
      fattr
    paperclip (2.3.16)
      activerecord (>= 2.3.0)
      activesupport (>= 2.3.2)
      cocaine (>= 0.0.2)
      mime-types
    paperclip-cloudfiles (2.3.10.1)
      activerecord
      activesupport
    parallel (0.5.5)
    pdf-toolkit (0.49)
      activesupport (> 0.0.0)
    polyglot (0.3.2)
    pr_geohash (1.0.0)
    progress_bar (0.4.0)
      highline (~> 1.6.1)
      options (~> 2.3.0)
    rack (1.2.5)
    rack-mount (0.6.14)
      rack (>= 1.0.0)
    rack-test (0.5.7)
      rack (>= 1.0)
    rails (3.0.10)
      actionmailer (= 3.0.10)
      actionpack (= 3.0.10)
      activerecord (= 3.0.10)
      activeresource (= 3.0.10)
      activesupport (= 3.0.10)
      bundler (~> 1.0)
      railties (= 3.0.10)
    railties (3.0.10)
      actionpack (= 3.0.10)
      activesupport (= 3.0.10)
      rake (>= 0.8.7)
      rdoc (~> 3.4)
      thor (~> 0.14.4)
    rake (0.8.7)
    rcov (0.9.9)
    rdoc (3.9.4)
    redis (2.1.1)
    redis-namespace (1.0.3)
      redis (< 3.0.0)
    remarkable (3.1.13)
      rspec (>= 1.2.0)
    remarkable_activerecord (3.1.13)
      remarkable (~> 3.1.13)
      rspec (>= 1.2.0)
    resque (1.19.0)
      multi_json (~> 1.0)
      redis-namespace (~> 1.0.2)
      sinatra (>= 0.9.2)
      vegas (~> 0.1.2)
    resque_spec (0.6.6)
      resque (>= 1.15.0)
      rspec (>= 2.5.0)
    rest-client (1.6.3)
      mime-types (>= 1.16)
    rsolr (1.0.6)
      builder (>= 2.1.2)
    rspec (2.6.0)
      rspec-core (~> 2.6.0)
      rspec-expectations (~> 2.6.0)
      rspec-mocks (~> 2.6.0)
    rspec-core (2.6.4)
    rspec-expectations (2.6.0)
      diff-lcs (~> 1.1.2)
    rspec-mocks (2.6.0)
    rspec-rails (2.6.1)
      actionpack (~> 3.0)
      activesupport (~> 3.0)
      railties (~> 3.0)
      rspec (~> 2.6.0)
    rubyzip (0.9.4)
    sass (3.1.4)
    sauce (1.0.1)
      childprocess (>= 0.1.6)
      cmdparse (>= 2.0.2)
      highline (>= 1.5.0)
      json (>= 1.2.0)
      net-ssh
      net-ssh-gateway
      rest-client
      selenium-webdriver (>= 0.1.4)
    selenium-webdriver (0.2.2)
      childprocess (>= 0.1.9)
      ffi (>= 1.0.7)
      json_pure
      rubyzip
    shoulda (2.11.3)
    sinatra (1.2.8)
      rack (~> 1.1)
      tilt (>= 1.2.2, < 2.0)
    term-ansicolor (1.0.5)
    thor (0.14.6)
    tilt (1.3.3)
    tlattr_accessors (0.0.3)
    treetop (1.4.10)
      polyglot
      polyglot (>= 0.3.1)
    tzinfo (0.3.29)
    vegas (0.1.11)
      rack (>= 1.0.0)
    webrat (0.7.3)
      nokogiri (>= 1.2.0)
      rack (>= 1.0)
      rack-test (>= 0.5.3)
    webrobots (0.0.10)
      nokogiri (>= 1.4.4)
    webster (0.5.0)
    will_paginate (3.0.pre2)
    xml-simple (1.1.0)
    xpath (0.1.4)
      nokogiri (~> 1.3)
    yajl-ruby (0.8.2)

PLATFORMS
  ruby

DEPENDENCIES
  SystemTimer
  airbrake
  authlogic (>= 3.0.2)
  aws-s3!
  backports
  bcrypt-ruby (>= 2.1.1)
  calendar_date_select!
  capistrano!
  capistrano-ext
  capybara
  cloudfiles
  compass
  cucumber
  cucumber-rails
  database_cleaner
  email_spec
  fastercsv
  googlecharts
  haml
  high_voltage
  hpricot (>= 0.8.2)
  json
  launchy
  mechanize
  multi_db!
  mysql2 (< 0.3)
  no_peeping_toms!
  nokogiri (>= 1.4.4)
  paperclip
  paperclip-cloudfiles
  parallel
  pdf-toolkit
  progress_bar
  rails (= 3.0.10)
  rake (~> 0.8.7)
  rcov
  redis (= 2.1.1)
  redis-namespace
  remarkable_activerecord
  resque
  resque_spec
  rspec
  rspec-core
  rspec-rails
  sass
  sauce
  shoulda
  sunspot_rails!
  sunspot_solr!
  webrat
  webster
  will_paginate (~> 3.0.pre2)
  yajl-ruby
